GEM
  remote: https://rubygems.org/
  specs:
    childprocess (0.5.9)
      ffi (~> 1.0, >= 1.0.11)
    ffi (1.9.14)
    iniparse (1.4.2)
    overcommit (0.34.2)
      childprocess (~> 0.5.8)
      iniparse (~> 1.4)
    rake (11.2.2)

PLATFORMS
  ruby

DEPENDENCIES
  overcommit
  rake

RUBY VERSION
   ruby 2.3.1p112

BUNDLED WITH
   1.12.5
